GEM
  remote: https://rubygems.org/
  specs:
    awesome_print (1.2.0)
    ezcrypto (0.7.2)
    json (1.8.1)
    oauth (0.4.7)
    uservoice-ruby (0.0.11)
      ezcrypto (>= 0.7.2)
      json (>= 1.7.5)
      oauth (>= 0.4.7)

PLATFORMS
  ruby

DEPENDENCIES
  awesome_print
  uservoice-ruby
